GEM
  remote: https://ruby.taobao.org/
  specs:
    colorize (0.8.1)
    commander (4.4.6)
      highline (~> 1.7.2)
    highline (1.7.10)
    terminal-notifier (2.0.0)

PLATFORMS
  ruby

DEPENDENCIES
  colorize
  commander
  terminal-notifier

BUNDLED WITH
   1.16.3
